GEM
  remote: http://rubygems.org/
  specs:
    daemons (1.1.0)
    diff-lcs (1.1.2)
    eventmachine (0.12.10)
    git (1.2.5)
    jeweler (1.5.2)
      bundler (~> 1.0.0)
      git (>= 1.2.5)
      rake
    meow (2.1.0)
    rake (0.8.7)
    rcov (0.9.9)
    roauth (0.0.3)
    rspec (2.5.0)
      rspec-core (~> 2.5.0)
      rspec-expectations (~> 2.5.0)
      rspec-mocks (~> 2.5.0)
    rspec-core (2.5.1)
    rspec-expectations (2.5.0)
      diff-lcs (~> 1.1.2)
    rspec-mocks (2.5.0)
    tweetstream (1.0.4)
      daemons
      twitter-stream
    twitter-stream (0.1.12)
      eventmachine (>= 0.12.8)
      roauth (>= 0.0.2)

PLATFORMS
  ruby

DEPENDENCIES
  bundler
  jeweler
  meow
  rcov
  rspec
  tweetstream
